GEM
  remote: https://rubygems.org/
  remote: https://rails-assets.org/
  specs:
    coffee-script (2.3.0)
      coffee-script-source
      execjs
    coffee-script-source (1.9.0)
    execjs (2.3.0)
    hike (1.2.3)
    json (1.8.2)
    libv8 (3.16.14.17-x86_64-linux)
    multi_json (1.10.1)
    rack (1.6.0)
    rack-protection (1.5.3)
      rack
    rails-assets-bootstrap (3.3.2)
      rails-assets-jquery (>= 1.9.1)
    rails-assets-jquery (2.1.3)
    rake (10.4.2)
    ref (2.0.0)
    sass (3.4.12)
    sinatra (1.4.5)
      rack (~> 1.4)
      rack-protection (~> 1.4)
      tilt (~> 1.3, >= 1.3.4)
    sinatra-asset-pipeline (0.6.0)
      coffee-script (~> 2.3)
      rake (~> 10.0)
      sass (~> 3.1)
      sinatra (~> 1.4)
      sprockets (~> 2.12)
      sprockets-helpers (~> 1.1)
      sprockets-sass (~> 1.2)
    slim (2.1.0)
      temple (~> 0.6.9)
      tilt (>= 1.3.3, < 2.1)
    sprockets (2.12.3)
      hike (~> 1.2)
      multi_json (~> 1.0)
      rack (~> 1.0)
      tilt (~> 1.1, != 1.3.0)
    sprockets-helpers (1.1.0)
      sprockets (~> 2.0)
    sprockets-sass (1.3.1)
      sprockets (~> 2.0)
      tilt (~> 1.1)
    temple (0.6.10)
    therubyracer (0.12.3)
      libv8 (~> 3.16.14.15)
      ref
    tilt (1.4.1)
    uglifier (2.7.0)
      execjs (>= 0.3.0)
      json (>= 1.8.0)

PLATFORMS
  ruby

DEPENDENCIES
  bundler (>= 1.7.0)
  execjs
  rails-assets-bootstrap!
  rails-assets-jquery!
  sinatra
  sinatra-asset-pipeline
  slim
  therubyracer
  uglifier

BUNDLED WITH
   1.14.5
